GEM
  remote: https://rubygems.org/
  specs:
    coderay (1.0.9)
    method_source (0.8.1)
    pry (0.9.12.2)
      coderay (~> 1.0.5)
      method_source (~> 0.8)
      slop (~> 3.4)
    ruby-fsevent (0.2.1)
    slop (3.4.5)
    watchr (0.7)

PLATFORMS
  ruby

DEPENDENCIES
  pry
  ruby-fsevent
  watchr
