GEM
  remote: https://rubygems.org/
  specs:
    addressable (2.4.0)
    artoo (0.5.0)
      celluloid (~> 0.14.0)
      celluloid-io (~> 0.14.0)
      multi_json (~> 1.6)
      pry (~> 0.9)
      rake (~> 10.0)
      reel (~> 0.4.pre)
    celluloid (0.14.1)
      timers (>= 1.0.0)
    celluloid-io (0.14.1)
      celluloid (>= 0.14.1)
      nio4r (>= 0.4.5)
    certified (0.1.1)
    coderay (1.0.9)
    daemons (1.2.3)
    eventmachine (1.0.9.1)
    faraday (0.9.2)
      multipart-post (>= 1.2, < 3)
    ffi (1.9.0)
    formatador (0.2.4)
    guard (1.8.1)
      formatador (>= 0.2.4)
      listen (>= 1.0.0)
      lumberjack (>= 1.0.2)
      pry (>= 0.9.10)
      thor (>= 0.14.6)
    http (0.4.0)
      certified
      http_parser.rb
    http_parser.rb (0.5.3)
    hybridgroup-serialport (1.2.1)
    koala (2.4.0)
      addressable
      faraday
      multi_json (>= 1.3.0)
    listen (1.2.2)
      rb-fsevent (>= 0.9.3)
      rb-inotify (>= 0.9)
      rb-kqueue (>= 0.2)
    lumberjack (1.0.4)
    method_source (0.8.1)
    multi_json (1.12.1)
    multipart-post (2.0.0)
    nio4r (0.4.6)
    pry (0.9.12.2)
      coderay (~> 1.0.5)
      method_source (~> 0.8)
      slop (~> 3.4)
    rack (1.5.5)
    rack-protection (2.0.1)
      rack
    rake (10.1.0)
    rb-fsevent (0.9.3)
    rb-inotify (0.9.0)
      ffi (>= 0.5.0)
    rb-kqueue (0.2.0)
      ffi (>= 0.5.0)
    reel (0.4.0.pre)
      celluloid-io (>= 0.8.0)
      http (>= 0.2.0)
      http_parser.rb (>= 0.5.3)
      rack (>= 1.4.0)
      websocket_parser (>= 0.1.2)
    sinatra (1.2.8)
      rack (~> 1.1)
      tilt (>= 1.2.2, < 2.0)
    slop (3.4.6)
    thin (1.6.4)
      daemons (~> 1.0, >= 1.0.9)
      eventmachine (~> 1.0, >= 1.0.4)
      rack (~> 1.0)
    thor (0.18.1)
    tilt (1.4.1)
    timers (1.1.0)
    websocket_parser (0.1.4)
      http

PLATFORMS
  ruby

DEPENDENCIES
  artoo
  guard
  hybridgroup-serialport
  koala
  rack (~> 1.5.4)
  rack-protection (~> 2.0.0)
  sinatra
  thin

RUBY VERSION
   ruby 2.1.2p95

BUNDLED WITH
   1.16.1
