GEM
  remote: https://rubygems.org/
  specs:
    addressable (2.3.5)
    artoo (0.5.0)
      celluloid (~> 0.14.0)
      celluloid-io (~> 0.14.0)
      multi_json (~> 1.6)
      pry (~> 0.9)
      rake (~> 10.0)
      reel (~> 0.4.pre)
    celluloid (0.14.1)
      timers (>= 1.0.0)
    celluloid-io (0.14.1)
      celluloid (>= 0.14.1)
      nio4r (>= 0.4.5)
    certified (0.1.1)
    coderay (1.0.9)
    faraday (0.8.7)
      multipart-post (~> 1.1)
    ffi (1.9.0)
    formatador (0.2.4)
    guard (1.8.1)
      formatador (>= 0.2.4)
      listen (>= 1.0.0)
      lumberjack (>= 1.0.2)
      pry (>= 0.9.10)
      thor (>= 0.14.6)
    http (0.4.0)
      certified
      http_parser.rb
    http_parser.rb (0.5.3)
    hybridgroup-serialport (1.2.1)
    koala (1.6.0)
      addressable (~> 2.2)
      faraday (~> 0.8)
      multi_json (~> 1.3)
    listen (1.2.2)
      rb-fsevent (>= 0.9.3)
      rb-inotify (>= 0.9)
      rb-kqueue (>= 0.2)
    lumberjack (1.0.4)
    method_source (0.8.1)
    multi_json (1.7.7)
    multipart-post (1.2.0)
    nio4r (0.4.6)
    pry (0.9.12.2)
      coderay (~> 1.0.5)
      method_source (~> 0.8)
      slop (~> 3.4)
    rack (1.5.2)
    rack-protection (1.5.0)
      rack
    rake (10.1.0)
    rb-fsevent (0.9.3)
    rb-inotify (0.9.0)
      ffi (>= 0.5.0)
    rb-kqueue (0.2.0)
      ffi (>= 0.5.0)
    reel (0.4.0.pre)
      celluloid-io (>= 0.8.0)
      http (>= 0.2.0)
      http_parser.rb (>= 0.5.3)
      rack (>= 1.4.0)
      websocket_parser (>= 0.1.2)
    sinatra (1.4.3)
      rack (~> 1.4)
      rack-protection (~> 1.4)
      tilt (~> 1.3, >= 1.3.4)
    slop (3.4.6)
    thor (0.18.1)
    tilt (1.4.1)
    timers (1.1.0)
    websocket_parser (0.1.4)
      http

PLATFORMS
  ruby

DEPENDENCIES
  artoo
  guard
  hybridgroup-serialport
  koala
  sinatra
